{
    "TaskName": "artifact",
    "Manufacturer": "n/a",
    "PowerLineFrequency": "n/a",
    "SamplingFrequency": 1000.0,
    "SoftwareFilters": "n/a",
    "RecordingDuration": 1455.999,
    "RecordingType": "continuous",
    "EEGReference": "n/a",
    "EEGGround": "n/a",
    "EEGPlacementScheme": "n/a",
    "EEGChannelCount": 34,
    "EOGChannelCount": 0,
    "ECGChannelCount": 0,
    "EMGChannelCount": 0,
    "MiscChannelCount": 0,
    "TriggerChannelCount": 0
}
